GEM
  remote: http://rubygems.org/
  specs:
    actionmailer (3.1.0.rc8)
      actionpack (= 3.1.0.rc8)
      mail (~> 2.3.0)
    actionpack (3.1.0.rc8)
      activemodel (= 3.1.0.rc8)
      activesupport (= 3.1.0.rc8)
      builder (~> 3.0.0)
      erubis (~> 2.7.0)
      i18n (~> 0.6)
      rack (~> 1.3.2)
      rack-cache (~> 1.0.3)
      rack-mount (~> 0.8.2)
      rack-test (~> 0.6.1)
      sprockets (~> 2.0.0.beta.15)
    activemodel (3.1.0.rc8)
      activesupport (= 3.1.0.rc8)
      bcrypt-ruby (~> 3.0.0)
      builder (~> 3.0.0)
      i18n (~> 0.6)
    activerecord (3.1.0.rc8)
      activemodel (= 3.1.0.rc8)
      activesupport (= 3.1.0.rc8)
      arel (~> 2.2.1)
      tzinfo (~> 0.3.29)
    activeresource (3.1.0.rc8)
      activemodel (= 3.1.0.rc8)
      activesupport (= 3.1.0.rc8)
    activesupport (3.1.0.rc8)
      multi_json (~> 1.0)
    arel (2.2.3)
    bcrypt-ruby (3.0.1)
    bson (1.11.1)
    bson_ext (1.3.1)
    builder (3.0.4)
    childprocess (0.5.5)
      ffi (~> 1.0, >= 1.0.11)
    coffee-rails (3.1.0)
      coffee-script (>= 2.2.0)
      railties (~> 3.1.0.rc1)
    coffee-script (2.3.0)
      coffee-script-source
      execjs
    coffee-script-source (1.8.0)
    database_cleaner (0.6.7)
    devise (1.4.9)
      bcrypt-ruby (~> 3.0)
      orm_adapter (~> 0.0.3)
      warden (~> 1.0.3)
    diff-lcs (1.1.3)
    erubis (2.7.0)
    execjs (2.2.2)
    factory_girl (2.0.5)
    factory_girl_rails (1.1.0)
      factory_girl (~> 2.0.0)
      railties (>= 3.0.0)
    ffi (1.9.6)
    haml (3.1.8)
    hike (1.2.3)
    i18n (0.6.11)
    jasmine (1.0.2.1)
      json_pure (>= 1.4.3)
      rack (>= 1.1)
      rack (>= 1.1)
      rack (>= 1.1)
      rack (>= 1.1)
      rack (>= 1.1)
      rack (>= 1.1)
      rack (>= 1.1)
      rack (>= 1.1)
      rack (>= 1.1)
      rack (>= 1.1)
      rack (>= 1.1)
      rack (>= 1.1)
      rack (>= 1.1)
      rack (>= 1.1)
      rack (>= 1.1)
      rack (>= 1.1)
      rack (>= 1.1)
      rack (>= 1.1)
      rack (>= 1.1)
      rack (>= 1.1)
      rack (>= 1.1)
      rack (>= 1.1)
      rack (>= 1.1)
      rack (>= 1.1)
      rack (>= 1.1)
      rack (>= 1.1)
      rack (>= 1.1)
      rack (>= 1.1)
      rack (>= 1.1)
      rack (>= 1.1)
      rack (>= 1.1)
      rack (>= 1.1)
      rack (>= 1.1)
      rack (>= 1.1)
      rack (>= 1.1)
      rack (>= 1.1)
      rack (>= 1.1)
      rack (>= 1.1)
      rack (>= 1.1)
      rack (>= 1.1)
      rack (>= 1.1)
      rack (>= 1.1)
      rack (>= 1.1)
      rack (>= 1.1)
      rack (>= 1.1)
      rack (>= 1.1)
      rack (>= 1.1)
      rack (>= 1.1)
      rack (>= 1.1)
      rack (>= 1.1)
      rack (>= 1.1)
      rack (>= 1.1)
      rack (>= 1.1)
      rack (>= 1.1)
      rack (>= 1.1)
      rack (>= 1.1)
      rack (>= 1.1)
      rack (>= 1.1)
      rack (>= 1.1)
      rack (>= 1.1)
      rack (>= 1.1)
      rack (>= 1.1)
      rack (>= 1.1)
      rack (>= 1.1)
      rack (>= 1.1)
      rack (>= 1.1)
      rack (>= 1.1)
      rack (>= 1.1)
      rack (>= 1.1)
      rack (>= 1.1)
      rack (>= 1.1)
      rack (>= 1.1)
      rack (>= 1.1)
      rack (>= 1.1)
      rack (>= 1.1)
      rack (>= 1.1)
      rack (>= 1.1)
      rack (>= 1.1)
      rack (>= 1.1)
      rack (>= 1.1)
      rack (>= 1.1)
      rack (>= 1.1)
      rack (>= 1.1)
      rack (>= 1.1)
      rack (>= 1.1)
      rack (>= 1.1)
      rack (>= 1.1)
      rack (>= 1.1)
      rack (>= 1.1)
      rack (>= 1.1)
      rack (>= 1.1)
      rack (>= 1.1)
      rack (>= 1.1)
      rack (>= 1.1)
      rack (>= 1.1)
      rack (>= 1.1)
      rack (>= 1.1)
      rack (>= 1.1)
      rack (>= 1.1)
      rack (>= 1.1)
      rack (>= 1.1)
      rack (>= 1.1)
      rack (>= 1.1)
      rack (>= 1.1)
      rack (>= 1.1)
      rack (>= 1.1)
      rack (>= 1.1)
      rack (>= 1.1)
      rack (>= 1.1)
      rack (>= 1.1)
      rack (>= 1.1)
      rack (>= 1.1)
      rack (>= 1.1)
      rack (>= 1.1)
      rack (>= 1.1)
      rack (>= 1.1)
      rspec (>= 1.3.1)
      rspec (>= 1.3.1)
      rspec (>= 1.3.1)
      rspec (>= 1.3.1)
      rspec (>= 1.3.1)
      rspec (>= 1.3.1)
      rspec (>= 1.3.1)
      rspec (>= 1.3.1)
      rspec (>= 1.3.1)
      rspec (>= 1.3.1)
      rspec (>= 1.3.1)
      rspec (>= 1.3.1)
      rspec (>= 1.3.1)
      rspec (>= 1.3.1)
      rspec (>= 1.3.1)
      rspec (>= 1.3.1)
      rspec (>= 1.3.1)
      rspec (>= 1.3.1)
      rspec (>= 1.3.1)
      rspec (>= 1.3.1)
      rspec (>= 1.3.1)
      rspec (>= 1.3.1)
      rspec (>= 1.3.1)
      rspec (>= 1.3.1)
      rspec (>= 1.3.1)
      rspec (>= 1.3.1)
      rspec (>= 1.3.1)
      rspec (>= 1.3.1)
      rspec (>= 1.3.1)
      rspec (>= 1.3.1)
      rspec (>= 1.3.1)
      rspec (>= 1.3.1)
      rspec (>= 1.3.1)
      rspec (>= 1.3.1)
      rspec (>= 1.3.1)
      rspec (>= 1.3.1)
      rspec (>= 1.3.1)
      rspec (>= 1.3.1)
      rspec (>= 1.3.1)
      rspec (>= 1.3.1)
      rspec (>= 1.3.1)
      rspec (>= 1.3.1)
      rspec (>= 1.3.1)
      rspec (>= 1.3.1)
      rspec (>= 1.3.1)
      rspec (>= 1.3.1)
      rspec (>= 1.3.1)
      rspec (>= 1.3.1)
      rspec (>= 1.3.1)
      rspec (>= 1.3.1)
      rspec (>= 1.3.1)
      rspec (>= 1.3.1)
      rspec (>= 1.3.1)
      rspec (>= 1.3.1)
      rspec (>= 1.3.1)
      rspec (>= 1.3.1)
      rspec (>= 1.3.1)
      rspec (>= 1.3.1)
      rspec (>= 1.3.1)
      rspec (>= 1.3.1)
      rspec (>= 1.3.1)
      rspec (>= 1.3.1)
      rspec (>= 1.3.1)
      rspec (>= 1.3.1)
      rspec (>= 1.3.1)
      rspec (>= 1.3.1)
      rspec (>= 1.3.1)
      rspec (>= 1.3.1)
      rspec (>= 1.3.1)
      rspec (>= 1.3.1)
      rspec (>= 1.3.1)
      rspec (>= 1.3.1)
      rspec (>= 1.3.1)
      rspec (>= 1.3.1)
      rspec (>= 1.3.1)
      rspec (>= 1.3.1)
      rspec (>= 1.3.1)
      rspec (>= 1.3.1)
      rspec (>= 1.3.1)
      rspec (>= 1.3.1)
      rspec (>= 1.3.1)
      rspec (>= 1.3.1)
      rspec (>= 1.3.1)
      rspec (>= 1.3.1)
      rspec (>= 1.3.1)
      rspec (>= 1.3.1)
      rspec (>= 1.3.1)
      rspec (>= 1.3.1)
      rspec (>= 1.3.1)
      rspec (>= 1.3.1)
      rspec (>= 1.3.1)
      rspec (>= 1.3.1)
      rspec (>= 1.3.1)
      rspec (>= 1.3.1)
      rspec (>= 1.3.1)
      rspec (>= 1.3.1)
      rspec (>= 1.3.1)
      rspec (>= 1.3.1)
      rspec (>= 1.3.1)
      rspec (>= 1.3.1)
      rspec (>= 1.3.1)
      rspec (>= 1.3.1)
      rspec (>= 1.3.1)
      rspec (>= 1.3.1)
      rspec (>= 1.3.1)
      rspec (>= 1.3.1)
      rspec (>= 1.3.1)
      rspec (>= 1.3.1)
      rspec (>= 1.3.1)
      rspec (>= 1.3.1)
      rspec (>= 1.3.1)
      rspec (>= 1.3.1)
      rspec (>= 1.3.1)
      rspec (>= 1.3.1)
      rspec (>= 1.3.1)
      rspec (>= 1.3.1)
      selenium-webdriver (>= 0.1.3)
    jquery-rails (3.1.2)
      railties (>= 3.0, < 5.0)
      thor (>= 0.14, < 2.0)
    json (1.8.1)
    json_pure (1.8.1)
    libv8 (3.16.14.7)
    mail (2.3.3)
      i18n (>= 0.4.0)
      mime-types (~> 1.16)
      treetop (~> 1.4.8)
    mime-types (1.25.1)
    mongo (1.11.1)
      bson (= 1.11.1)
    mongoid (2.1.9)
      activemodel (~> 3.0)
      mongo (~> 1.3)
      tzinfo (~> 0.3.22)
    mongoid_spacial (0.2.17)
      activesupport (~> 3.0)
      mongoid (>= 2.1.0, < 3.0.0)
    multi_json (1.10.1)
    orm_adapter (0.0.7)
    polyglot (0.3.5)
    rack (1.3.10)
    rack-cache (1.0.3)
      rack (>= 0.4)
    rack-mount (0.8.3)
      rack (>= 1.0.0)
    rack-ssl (1.3.4)
      rack
    rack-test (0.6.2)
      rack (>= 1.0)
    rails (3.1.0.rc8)
      actionmailer (= 3.1.0.rc8)
      actionpack (= 3.1.0.rc8)
      activerecord (= 3.1.0.rc8)
      activeresource (= 3.1.0.rc8)
      activesupport (= 3.1.0.rc8)
      bundler (~> 1.0)
      railties (= 3.1.0.rc8)
    railties (3.1.0.rc8)
      actionpack (= 3.1.0.rc8)
      activesupport (= 3.1.0.rc8)
      rack-ssl (~> 1.3.2)
      rake (>= 0.8.7)
      rdoc (~> 3.4)
      thor (~> 0.14.6)
    rake (10.3.2)
    rdoc (3.12.2)
      json (~> 1.4)
    ref (1.0.5)
    rspec (2.6.0)
      rspec-core (~> 2.6.0)
      rspec-expectations (~> 2.6.0)
      rspec-mocks (~> 2.6.0)
    rspec-core (2.6.4)
    rspec-expectations (2.6.0)
      diff-lcs (~> 1.1.2)
    rspec-mocks (2.6.0)
    rspec-rails (2.6.1)
      actionpack (~> 3.0)
      activesupport (~> 3.0)
      railties (~> 3.0)
      rspec (~> 2.6.0)
    rubyzip (1.1.6)
    sass (3.4.7)
    sass-rails (3.1.0.rc.7)
      actionpack (~> 3.1.0.rc6)
      railties (~> 3.1.0.rc6)
      sass (>= 3.1.4)
    selenium-webdriver (2.44.0)
      childprocess (~> 0.5)
      multi_json (~> 1.0)
      rubyzip (~> 1.0)
      websocket (~> 1.0)
    sprockets (2.0.5)
      hike (~> 1.2)
      rack (~> 1.0)
      tilt (~> 1.1, != 1.3.0)
    therubyracer (0.12.1)
      libv8 (~> 3.16.14.0)
      ref
    thor (0.14.6)
    tilt (1.4.1)
    treetop (1.4.15)
      polyglot
      polyglot (>= 0.3.1)
    tzinfo (0.3.42)
    uglifier (2.5.3)
      execjs (>= 0.3.0)
      json (>= 1.8.0)
    warden (1.0.6)
      rack (>= 1.0)
    websocket (1.2.1)

PLATFORMS
  ruby

DEPENDENCIES
  bson_ext (~> 1.3.1)
  coffee-rails (~> 3.1.0.rc)
  database_cleaner (~> 0.6.7)
  devise (~> 1.4.2)
  execjs
  factory_girl_rails (~> 1.1.0)
  haml (~> 3.1.2)
  jasmine (~> 1.0.2.1)
  jquery-rails
  mongoid (~> 2.1.8)
  mongoid_spacial (~> 0.2.13)
  rails (= 3.1.0.rc8)
  rspec-rails (~> 2.6.1)
  sass-rails (~> 3.1.0.rc)
  therubyracer
  uglifier
